GEM
  remote: http://rubygems.org/
  specs:
    builder (3.2.3)
    childprocess (0.8.0)
      ffi (~> 1.0, >= 1.0.11)
    cucumber (2.99.0)
      builder (>= 2.1.2)
      cucumber-core (~> 1.5.0)
      cucumber-wire (~> 0.0.1)
      diff-lcs (>= 1.1.3)
      gherkin (~> 4.0)
      multi_json (>= 1.7.5, < 2.0)
      multi_test (>= 0.1.2)
    cucumber-core (1.5.0)
      gherkin (~> 4.0)
    cucumber-wire (0.0.1)
    diff-lcs (1.3)
    facets (3.1.0)
    faraday (0.13.1)
      multipart-post (>= 1.2, < 3)
    faraday_json (0.1.4)
      faraday (~> 0.10)
    faraday_middleware (0.12.2)
      faraday (>= 0.7.4, < 1.0)
    ffi (1.9.18)
    ffi (1.9.18-x64-mingw32)
    gherkin (4.1.3)
    lapis_lazuli (2.0.1)
      cucumber (~> 2)
      facets (~> 3.1)
      faraday_json (~> 0.1)
      faraday_middleware (~> 0.10)
      minitest (~> 5.10)
      multi_xml (~> 0.6)
      selenium-webdriver (~> 3)
      teelogger (~> 0.5)
      thor (~> 0.19)
      watir (~> 6)
    mini_portile2 (2.1.0)
    minitest (5.11.1)
    multi_json (1.13.1)
    multi_test (0.1.2)
    multi_xml (0.6.0)
    multipart-post (2.0.0)
    nokogiri (1.6.8.1)
      mini_portile2 (~> 2.1.0)
    nokogiri (1.6.8.1-x64-mingw32)
      mini_portile2 (~> 2.1.0)
    require_all (1.5.0)
    rubyXL (3.3.27)
      nokogiri (>= 1.4.4)
      rubyzip (>= 1.1.6)
    rubyzip (1.2.1)
    selenium-webdriver (3.8.0)
      childprocess (~> 0.5)
      rubyzip (~> 1.0)
    tai64 (0.0.5)
    teelogger (0.5.1)
      require_all (~> 1.3)
      tai64 (~> 0.0)
    thor (0.20.0)
    watir (6.10.2)
      selenium-webdriver (~> 3.4, >= 3.4.1)
    watir-ng (2.1.1)
      watir (~> 6.0)

PLATFORMS
  ruby
  x64-mingw32

DEPENDENCIES
  lapis_lazuli (= 2.0.1)
  rubyXL
  watir-ng

BUNDLED WITH
   1.16.1
